GEM
  remote: http://rubygems.org/
  specs:
    diff-lcs (1.1.2)
    gherkin (2.4.6)
      json (>= 1.4.6)
    haml (3.1.3)
    json (1.5.3)
    rake (0.9.2)
    rcov (0.9.10)
    rspec (2.5.0)
      rspec-core (~> 2.5.0)
      rspec-expectations (~> 2.5.0)
      rspec-mocks (~> 2.5.0)
    rspec-core (2.5.2)
    rspec-expectations (2.5.0)
      diff-lcs (~> 1.1.2)
    rspec-mocks (2.5.0)
    sass (3.1.7)

PLATFORMS
  ruby

DEPENDENCIES
  bundler (> 1.0)
  gherkin (> 2.3)
  haml
  rake
  rcov (~> 0.9.9)
  rspec (~> 2.5.0)
  sass (~> 3.1.0)
